GEM
  remote: http://rubygems.org/
  specs:
    haml (3.0.18)
    json (1.5.1)
    json (1.5.1-java)
    rack (1.2.1)
    rest-open-uri (1.0.0)
    sinatra (1.0)
      rack (>= 1.0)

PLATFORMS
  java
  ruby

DEPENDENCIES
  haml
  json
  rest-open-uri
  sinatra
